GEM
  remote: https://rubygems.org/
  specs:
    backports (3.3.5)
    json (1.8.1)
    mustermann (1.0.3)
    rack (2.0.6)
    rack-protection (2.0.4)
      rack
    sinatra (2.0.4)
      mustermann (~> 1.0)
      rack (~> 2.0)
      rack-protection (= 2.0.4)
      tilt (~> 2.0)
    tilt (2.0.8)

PLATFORMS
  ruby

DEPENDENCIES
  backports
  json
  rack (>= 1.6.11)
  sinatra (>= 1.4.4)

BUNDLED WITH
   1.16.6
